PATH
  remote: ../..
  specs:
    contentable (0.3.1)
      RedCloth

GEM
  remote: http://rubygems.org/
  specs:
    RedCloth (4.2.6)
    abstract (1.0.0)
    actionmailer (3.0.2)
      actionpack (= 3.0.2)
      mail (~> 2.2.9)
    actionpack (3.0.2)
      activemodel (= 3.0.2)
      activesupport (= 3.0.2)
      builder (~> 2.1.2)
      erubis (~> 2.6.6)
      i18n (~> 0.4.1)
      rack (~> 1.2.1)
      rack-mount (~> 0.6.13)
      rack-test (~> 0.5.6)
      tzinfo (~> 0.3.23)
    activemodel (3.0.2)
      activesupport (= 3.0.2)
      builder (~> 2.1.2)
      i18n (~> 0.4.1)
    activerecord (3.0.2)
      activemodel (= 3.0.2)
      activesupport (= 3.0.2)
      arel (~> 2.0.2)
      tzinfo (~> 0.3.23)
    activeresource (3.0.2)
      activemodel (= 3.0.2)
      activesupport (= 3.0.2)
    activesupport (3.0.2)
    arel (2.0.2)
    builder (2.1.2)
    columnize (0.3.2)
    diff-lcs (1.1.2)
    erubis (2.6.6)
      abstract (>= 1.0.0)
    i18n (0.4.2)
    linecache (0.43)
    mail (2.2.9)
      activesupport (>= 2.3.6)
      i18n (~> 0.4.1)
      mime-types (~> 1.16)
      treetop (~> 1.4.8)
    mime-types (1.16)
    polyglot (0.3.1)
    rack (1.2.1)
    rack-mount (0.6.13)
      rack (>= 1.0.0)
    rack-test (0.5.6)
      rack (>= 1.0)
    rails (3.0.2)
      actionmailer (= 3.0.2)
      actionpack (= 3.0.2)
      activerecord (= 3.0.2)
      activeresource (= 3.0.2)
      activesupport (= 3.0.2)
      bundler (~> 1.0.0)
      railties (= 3.0.2)
    railties (3.0.2)
      actionpack (= 3.0.2)
      activesupport (= 3.0.2)
      rake (>= 0.8.7)
      thor (~> 0.14.4)
    rake (0.8.7)
    rspec (2.0.1)
      rspec-core (~> 2.0.1)
      rspec-expectations (~> 2.0.1)
      rspec-mocks (~> 2.0.1)
    rspec-core (2.0.1)
    rspec-expectations (2.0.1)
      diff-lcs (>= 1.1.2)
    rspec-mocks (2.0.1)
      rspec-core (~> 2.0.1)
      rspec-expectations (~> 2.0.1)
    rspec-rails (2.0.1)
      rspec (~> 2.0.0)
    ruby-debug (0.10.4)
      columnize (>= 0.1)
      ruby-debug-base (~> 0.10.4.0)
    ruby-debug-base (0.10.4)
      linecache (>= 0.3)
    sqlite3-ruby (1.3.2)
    thor (0.14.4)
    treetop (1.4.8)
      polyglot (>= 0.3.1)
    tzinfo (0.3.23)

PLATFORMS
  ruby

DEPENDENCIES
  contentable!
  rails (= 3.0.2)
  rspec
  rspec-rails
  ruby-debug
  sqlite3-ruby
